GEM
  remote: http://ruby.taobao.org/
  specs:
    CFPropertyList (2.2.7)
    binding_of_caller (0.7.2)
      debug_inspector (>= 0.0.1)
    coderay (1.1.0)
    debug_inspector (0.0.2)
    lagunitas (0.0.2)
      CFPropertyList
      zip
    method_source (0.8.2)
    ox (2.0.12)
    pry (0.9.12.6)
      coderay (~> 1.0)
      method_source (~> 0.8)
      slop (~> 3.4)
    pry-nav (0.2.3)
      pry (~> 0.9.10)
    slop (3.5.0)
    zip (2.0.2)

PLATFORMS
  ruby

DEPENDENCIES
  binding_of_caller
  lagunitas (= 0.0.2)
  ox
  pry
  pry-nav
